GIT
  remote: git://github.com/igrigorik/em-synchrony.git
  revision: 102efb8f7dd7731a4c6794744bebbd15f5b6b2bb
  specs:
    em-synchrony (1.0.3)
      eventmachine (>= 1.0.0.beta.1)

GIT
  remote: https://github.com/kmamykin/jammit-s3.git
  revision: 2a7245027fa55946f01876a9c638a73fdff0aa29
  specs:
    jammit-s3 (0.6.0.2)
      jammit (~> 0.6.0)
      mimemagic (>= 0.1.7)
      ruby-hmac
      s3 (>= 0.3.7)

GEM
  remote: https://rubygems.org/
  specs:
    activesupport (3.2.15)
      i18n (~> 0.6, >= 0.6.4)
      multi_json (~> 1.0)
    addressable (2.3.5)
    airbrake (3.1.14)
      builder
      json
    atomic (1.1.14)
    avl_tree (1.1.3)
    backports (3.3.5)
    builder (3.2.2)
    chunky_png (1.2.9)
    compass (0.12.2)
      chunky_png (~> 1.2)
      fssm (>= 0.2.7)
      sass (~> 3.1)
    connection_pool (1.1.0)
    cookiejar (0.3.0)
    crack (0.4.1)
      safe_yaml (~> 0.9.0)
    cssmin (1.0.3)
    daemons (1.1.9)
    diff-lcs (1.2.5)
    dotenv (0.9.0)
    em-http-request (1.1.1)
      addressable (>= 2.3.4)
      cookiejar
      em-socksify (>= 0.3)
      eventmachine (>= 1.0.3)
      http_parser.rb (>= 0.6.0.beta.2)
    em-socksify (0.3.0)
      eventmachine (>= 1.0.0.beta.4)
    eventmachine (1.0.3)
    foreman (0.63.0)
      dotenv (>= 0.7)
      thor (>= 0.13.6)
    fssm (0.2.10)
    gemoji (1.5.0)
    hitimes (1.2.1)
    http_parser.rb (0.6.0.beta.2)
    http_router (0.11.0)
      rack (>= 1.0.0)
      url_mount (~> 0.2.1)
    i18n (0.6.5)
    jammit (0.6.6)
      cssmin (>= 1.0.3)
      jsmin (>= 1.0.1)
    jsmin (1.0.1)
    json (1.8.1)
    mail (2.5.4)
      mime-types (~> 1.16)
      treetop (~> 1.4.8)
    metriks (0.9.9.5)
      atomic (~> 1.0)
      avl_tree (~> 1.1.2)
      hitimes (~> 1.1)
    metriks-middleware (2.1.1)
      metriks (~> 0.9.9)
    mime-types (1.25)
    mimemagic (0.2.1)
    multi_json (1.8.2)
    mustache (0.99.5)
    padrino (0.11.4)
      padrino-admin (= 0.11.4)
      padrino-cache (= 0.11.4)
      padrino-core (= 0.11.4)
      padrino-gen (= 0.11.4)
      padrino-helpers (= 0.11.4)
      padrino-mailer (= 0.11.4)
    padrino-admin (0.11.4)
      padrino-core (= 0.11.4)
      padrino-helpers (= 0.11.4)
    padrino-cache (0.11.4)
      padrino-core (= 0.11.4)
      padrino-helpers (= 0.11.4)
    padrino-core (0.11.4)
      activesupport (>= 3.1, < 4.0)
      http_router (~> 0.11.0)
      rack-protection (>= 1.5.0)
      sinatra (~> 1.4.2)
      thor (~> 0.17.0)
      tilt (~> 1.4.1)
    padrino-gen (0.11.4)
      bundler (~> 1.0)
      padrino-core (= 0.11.4)
    padrino-helpers (0.11.4)
      i18n (~> 0.6)
      padrino-core (= 0.11.4)
    padrino-mailer (0.11.4)
      mail (~> 2.5.3)
      padrino-core (= 0.11.4)
    polyglot (0.3.3)
    posix-spawn (0.3.6)
    proxies (0.2.1)
    pygments.rb (0.5.4)
      posix-spawn (~> 0.3.6)
      yajl-ruby (~> 1.1.0)
    rack (1.5.2)
    rack-protection (1.5.1)
      rack
    rack-test (0.6.2)
      rack (>= 1.0)
    rake (10.1.0)
    redcarpet (2.3.0)
    rocco (0.8.2)
      mustache
      redcarpet
    rspec (2.14.1)
      rspec-core (~> 2.14.0)
      rspec-expectations (~> 2.14.0)
      rspec-mocks (~> 2.14.0)
    rspec-core (2.14.7)
    rspec-expectations (2.14.4)
      diff-lcs (>= 1.1.3, < 2.0)
    rspec-mocks (2.14.4)
    ruby-hmac (0.4.0)
    s3 (0.3.17)
      proxies (~> 0.2.0)
    safe_yaml (0.9.7)
    sass (3.2.12)
    simpleidn (0.0.4)
    sinatra (1.4.4)
      rack (~> 1.4)
      rack-protection (~> 1.4)
      tilt (~> 1.3, >= 1.3.4)
    sinatra-contrib (1.4.1)
      backports (>= 2.0)
      multi_json
      rack-protection
      rack-test
      sinatra (~> 1.4.0)
      tilt (~> 1.3)
    thin (1.6.1)
      daemons (>= 1.0.9)
      eventmachine (>= 1.0.0)
      rack (>= 1.0.0)
    thor (0.17.0)
    tilt (1.4.1)
    treetop (1.4.15)
      polyglot
      polyglot (>= 0.3.1)
    url_mount (0.2.1)
      rack
    vcr (1.11.3)
    webmock (1.15.2)
      addressable (>= 2.2.7)
      crack (>= 0.3.2)
    yajl-ruby (1.1.0)

PLATFORMS
  ruby

DEPENDENCIES
  activesupport (~> 3.2.13)
  addressable
  airbrake
  compass
  connection_pool
  em-http-request (~> 1.0)
  em-synchrony!
  foreman
  gemoji
  jammit-s3!
  metriks
  metriks-middleware
  padrino (~> 0.11)
  pygments.rb
  rack-test
  rake
  redcarpet (~> 2.1)
  rocco
  rspec
  simpleidn
  sinatra
  sinatra-contrib
  thin
  vcr (~> 1.11)
  webmock
  yajl-ruby
